GEM
  remote: https://rubygems.org/
  specs:
    arduino-lights (0.6.0)
      serialport (= 1.3.1)
    perlin_noise (0.1.2)
    serialport (1.3.1)

PLATFORMS
  ruby

DEPENDENCIES
  arduino-lights
  perlin_noise

BUNDLED WITH
   1.11.2
